GEM
  remote: https://rubygems.org/
  specs:
    colorize (1.1.0)

PLATFORMS
  ruby
  x86_64-darwin-24

DEPENDENCIES
  colorize

BUNDLED WITH
   2.6.3
